PATH
  remote: .
  specs:
    future.rb (1.0.0)

GEM
  remote: https://rubygems.org/
  specs:
    minitest (5.3.3)
    rake (10.3.0)

PLATFORMS
  ruby

DEPENDENCIES
  future.rb!
  minitest
  rake
